GEM
  remote: https://rubygems.org/
  specs:
    actioncable (7.0.8.7)
      actionpack (= 7.0.8.7)
      activesupport (= 7.0.8.7)
      nio4r (~> 2.0)
      websocket-driver (>= 0.6.1)
    actionmailbox (7.0.8.7)
      actionpack (= 7.0.8.7)
      activejob (= 7.0.8.7)
      activerecord (= 7.0.8.7)
      activestorage (= 7.0.8.7)
      activesupport (= 7.0.8.7)
      mail (>= 2.7.1)
      net-imap
      net-pop
      net-smtp
    actionmailer (7.0.8.7)
      actionpack (= 7.0.8.7)
      actionview (= 7.0.8.7)
      activejob (= 7.0.8.7)
      activesupport (= 7.0.8.7)
      mail (~> 2.5, >= 2.5.4)
      net-imap
      net-pop
      net-smtp
      rails-dom-testing (~> 2.0)
    actionpack (7.0.8.7)
      actionview (= 7.0.8.7)
      activesupport (= 7.0.8.7)
      rack (~> 2.0, >= 2.2.4)
      rack-test (>= 0.6.3)
      rails-dom-testing (~> 2.0)
      rails-html-sanitizer (~> 1.0, >= 1.2.0)
    actiontext (7.0.8.7)
      actionpack (= 7.0.8.7)
      activerecord (= 7.0.8.7)
      activestorage (= 7.0.8.7)
      activesupport (= 7.0.8.7)
      globalid (>= 0.6.0)
      nokogiri (>= 1.8.5)
    actionview (7.0.8.7)
      activesupport (= 7.0.8.7)
      builder (~> 3.1)
      erubi (~> 1.4)
      rails-dom-testing (~> 2.0)
      rails-html-sanitizer (~> 1.1, >= 1.2.0)
    activejob (7.0.8.7)
      activesupport (= 7.0.8.7)
      globalid (>= 0.3.6)
    activemodel (7.0.8.7)
      activesupport (= 7.0.8.7)
    activerecord (7.0.8.7)
      activemodel (= 7.0.8.7)
      activesupport (= 7.0.8.7)
    activestorage (7.0.8.7)
      actionpack (= 7.0.8.7)
      activejob (= 7.0.8.7)
      activerecord (= 7.0.8.7)
      activesupport (= 7.0.8.7)
      marcel (~> 1.0)
      mini_mime (>= 1.1.0)
    activesupport (7.0.8.7)
      concurrent-ruby (~> 1.0, >= 1.0.2)
      i18n (>= 1.6, < 2)
      minitest (>= 5.1)
      tzinfo (~> 2.0)
    addressable (2.8.7)
      public_suffix (>= 2.0.2, < 7.0)
    annotate (3.2.0)
      activerecord (>= 3.2, < 8.0)
      rake (>= 10.4, < 14.0)
    ast (2.4.2)
    base64 (0.2.0)
    bcrypt (3.1.20)
    bigdecimal (3.1.9)
    bootsnap (1.18.4)
      msgpack (~> 1.2)
    brakeman (7.0.0)
      racc
    builder (3.3.0)
    concurrent-ruby (1.3.5)
    connection_pool (2.5.0)
    crass (1.0.6)
    database_cleaner (2.1.0)
      database_cleaner-active_record (>= 2, < 3)
    database_cleaner-active_record (2.2.0)
      activerecord (>= 5.a)
      database_cleaner-core (~> 2.0.0)
    database_cleaner-core (2.0.1)
    date (3.4.1)
    debug (1.10.0)
      irb (~> 1.10)
      reline (>= 0.3.8)
    diff-lcs (1.6.0)
    erubi (1.13.1)
    ethon (0.16.0)
      ffi (>= 1.15.0)
    exponent-server-sdk (0.1.0)
      typhoeus
    factory_bot (6.5.1)
      activesupport (>= 6.1.0)
    factory_bot_rails (6.4.4)
      factory_bot (~> 6.5)
      railties (>= 5.0.0)
    faker (3.5.1)
      i18n (>= 1.8.11, < 2)
    ffi (1.17.2-aarch64-linux-gnu)
    ffi (1.17.2-aarch64-linux-musl)
    ffi (1.17.2-arm-linux-gnu)
    ffi (1.17.2-arm-linux-musl)
    ffi (1.17.2-arm64-darwin)
    ffi (1.17.2-x86_64-darwin)
    ffi (1.17.2-x86_64-linux-gnu)
    ffi (1.17.2-x86_64-linux-musl)
    globalid (1.2.1)
      activesupport (>= 6.1)
    i18n (1.14.7)
      concurrent-ruby (~> 1.0)
    io-console (0.8.0)
    irb (1.15.1)
      pp (>= 0.6.0)
      rdoc (>= 4.0.0)
      reline (>= 0.4.2)
    json (2.9.1)
    json-schema (5.1.1)
      addressable (~> 2.8)
      bigdecimal (~> 3.1)
    jwt (2.10.1)
      base64
    language_server-protocol (3.17.0.4)
    logger (1.6.5)
    loofah (2.24.0)
      crass (~> 1.0.2)
      nokogiri (>= 1.12.0)
    mail (2.8.1)
      mini_mime (>= 0.1.1)
      net-imap
      net-pop
      net-smtp
    marcel (1.0.4)
    method_source (1.1.0)
    mini_mime (1.1.5)
    minitest (5.25.4)
    msgpack (1.8.0)
    net-imap (0.5.6)
      date
      net-protocol
    net-pop (0.1.2)
      net-protocol
    net-protocol (0.2.2)
      timeout
    net-smtp (0.5.1)
      net-protocol
    nio4r (2.7.4)
    nokogiri (1.16.8-aarch64-linux)
      racc (~> 1.4)
    nokogiri (1.16.8-arm-linux)
      racc (~> 1.4)
    nokogiri (1.16.8-arm64-darwin)
      racc (~> 1.4)
    nokogiri (1.16.8-x86_64-darwin)
      racc (~> 1.4)
    nokogiri (1.16.8-x86_64-linux)
      racc (~> 1.4)
    parallel (1.26.3)
    parser (3.3.7.1)
      ast (~> 2.4.1)
      racc
    pg (1.5.9)
    pp (0.6.2)
      prettyprint
    prettyprint (0.2.0)
    psych (5.2.3)
      date
      stringio
    public_suffix (6.0.1)
    puma (5.6.9)
      nio4r (~> 2.0)
    racc (1.8.1)
    rack (2.2.13)
    rack-cors (2.0.2)
      rack (>= 2.0.0)
    rack-test (2.2.0)
      rack (>= 1.3)
    rails (7.0.8.7)
      actioncable (= 7.0.8.7)
      actionmailbox (= 7.0.8.7)
      actionmailer (= 7.0.8.7)
      actionpack (= 7.0.8.7)
      actiontext (= 7.0.8.7)
      actionview (= 7.0.8.7)
      activejob (= 7.0.8.7)
      activemodel (= 7.0.8.7)
      activerecord (= 7.0.8.7)
      activestorage (= 7.0.8.7)
      activesupport (= 7.0.8.7)
      bundler (>= 1.15.0)
      railties (= 7.0.8.7)
    rails-dom-testing (2.2.0)
      activesupport (>= 5.0.0)
      minitest
      nokogiri (>= 1.6)
    rails-html-sanitizer (1.6.2)
      loofah (~> 2.21)
      nokogiri (>= 1.15.7, != 1.16.7, != 1.16.6, != 1.16.5, != 1.16.4, != 1.16.3, != 1.16.2, != 1.16.1, != 1.16.0.rc1, != 1.16.0)
    railties (7.0.8.7)
      actionpack (= 7.0.8.7)
      activesupport (= 7.0.8.7)
      method_source
      rake (>= 12.2)
      thor (~> 1.0)
      zeitwerk (~> 2.5)
    rainbow (3.1.1)
    rake (13.2.1)
    rdoc (6.12.0)
      psych (>= 4.0.0)
    redis (4.8.1)
    redis-client (0.23.2)
      connection_pool
    regexp_parser (2.10.0)
    reline (0.6.0)
      io-console (~> 0.5)
    rspec-core (3.13.3)
      rspec-support (~> 3.13.0)
    rspec-expectations (3.13.3)
      diff-lcs (>= 1.2.0, < 2.0)
      rspec-support (~> 3.13.0)
    rspec-mocks (3.13.2)
      diff-lcs (>= 1.2.0, < 2.0)
      rspec-support (~> 3.13.0)
    rspec-rails (7.1.1)
      actionpack (>= 7.0)
      activesupport (>= 7.0)
      railties (>= 7.0)
      rspec-core (~> 3.13)
      rspec-expectations (~> 3.13)
      rspec-mocks (~> 3.13)
      rspec-support (~> 3.13)
    rspec-support (3.13.2)
    rswag-api (2.16.0)
      activesupport (>= 5.2, < 8.1)
      railties (>= 5.2, < 8.1)
    rswag-specs (2.16.0)
      activesupport (>= 5.2, < 8.1)
      json-schema (>= 2.2, < 6.0)
      railties (>= 5.2, < 8.1)
      rspec-core (>= 2.14)
    rswag-ui (2.16.0)
      actionpack (>= 5.2, < 8.1)
      railties (>= 5.2, < 8.1)
    rubocop (1.71.2)
      json (~> 2.3)
      language_server-protocol (>= 3.17.0)
      parallel (~> 1.10)
      parser (>= 3.3.0.2)
      rainbow (>= 2.2.2, < 4.0)
      regexp_parser (>= 2.9.3, < 3.0)
      rubocop-ast (>= 1.38.0, < 2.0)
      ruby-progressbar (~> 1.7)
      unicode-display_width (>= 2.4.0, < 4.0)
    rubocop-ast (1.38.0)
      parser (>= 3.3.1.0)
    rubocop-minitest (0.36.0)
      rubocop (>= 1.61, < 2.0)
      rubocop-ast (>= 1.31.1, < 2.0)
    rubocop-performance (1.23.1)
      rubocop (>= 1.48.1, < 2.0)
      rubocop-ast (>= 1.31.1, < 2.0)
    rubocop-rails (2.29.1)
      activesupport (>= 4.2.0)
      rack (>= 1.1)
      rubocop (>= 1.52.0, < 2.0)
      rubocop-ast (>= 1.31.1, < 2.0)
    rubocop-rails-omakase (1.0.0)
      rubocop
      rubocop-minitest
      rubocop-performance
      rubocop-rails
    ruby-progressbar (1.13.0)
    sentry-rails (5.23.0)
      railties (>= 5.0)
      sentry-ruby (~> 5.23.0)
    sentry-ruby (5.23.0)
      bigdecimal
      concurrent-ruby (~> 1.0, >= 1.0.2)
    shoulda-matchers (6.4.0)
      activesupport (>= 5.2.0)
    sidekiq (7.3.9)
      base64
      connection_pool (>= 2.3.0)
      logger
      rack (>= 2.2.4)
      redis-client (>= 0.22.2)
    stringio (3.1.2)
    thor (1.3.2)
    timeout (0.4.3)
    typhoeus (1.4.1)
      ethon (>= 0.9.0)
    tzinfo (2.0.6)
      concurrent-ruby (~> 1.0)
    unicode-display_width (3.1.4)
      unicode-emoji (~> 4.0, >= 4.0.4)
    unicode-emoji (4.0.4)
    websocket-driver (0.7.7)
      base64
      websocket-extensions (>= 0.1.0)
    websocket-extensions (0.1.5)
    zeitwerk (2.6.18)

PLATFORMS
  aarch64-linux
  aarch64-linux-musl
  arm-linux
  arm-linux-musl
  arm64-darwin
  x86_64-darwin
  x86_64-linux
  x86_64-linux-musl

DEPENDENCIES
  annotate
  bcrypt (~> 3.1.7)
  bootsnap
  brakeman
  database_cleaner
  debug
  exponent-server-sdk
  factory_bot_rails
  faker
  ffi (~> 1.17.2)
  jwt
  logger (~> 1.6)
  nokogiri (~> 1.16.0)
  pg (~> 1.1)
  puma (~> 5.0)
  rack-cors
  rails (~> 7.0.8)
  redis (~> 4.0)
  rspec-expectations
  rspec-mocks
  rspec-rails
  rspec-support
  rswag-api
  rswag-specs
  rswag-ui
  rubocop-rails-omakase
  sentry-rails
  sentry-ruby
  shoulda-matchers
  sidekiq (~> 7.1)
  tzinfo-data

RUBY VERSION
   ruby 3.1.0p0

BUNDLED WITH
   2.6.3
